PATH
  remote: my_gem
  specs:
    my_gem (0.0.1)

GEM
  remote: https://rubygems.org/
  specs:
    rake (13.0.1)

PLATFORMS
  ruby

DEPENDENCIES
  my_gem!
  rake

BUNDLED WITH
   2.1.4
